GEM
  remote: http://rubygems.org/
  specs:
    addressable (2.2.8)
    childprocess (0.3.2)
      ffi (~> 1.0.6)
    ffi (1.0.9-x86-mingw32)
    libwebsocket (0.1.3)
      addressable
    multi_json (1.3.4)
    page-object (0.6.7)
      selenium-webdriver (>= 2.21.2)
      watir-webdriver (>= 0.5.8)
    rubyzip (0.9.8)
    selenium-webdriver (2.21.2)
      childprocess (>= 0.2.5)
      ffi (~> 1.0)
      libwebsocket (~> 0.1.3)
      multi_json (~> 1.0)
      rubyzip
    sqlite3 (1.3.6-x86-mingw32)
    watir-webdriver (0.5.8)
      selenium-webdriver (>= 2.18.0)

PLATFORMS
  x86-mingw32

DEPENDENCIES
  page-object (>= 0.6.7)
  selenium-webdriver (>= 2.21.2)
  sqlite3 (>= 1.3.6)
  watir-webdriver (>= 0.5.8)
